PATH
  remote: .
  specs:
    eng-bsd-big-ted-newshub-moscollector-automation-api (0.1.0)
      crack (= 0.4.2)
      hashie (= 3.1)
      httparty (= 0.14.0)
      pry (= 0.10.4)
      rspec-support (= 3.7.0)

GEM
  remote: https://rubygems.org/
  specs:
    coderay (1.1.2)
    crack (0.4.2)
      safe_yaml (~> 1.0.0)
    diff-lcs (1.3)
    hashie (3.1.0)
    httparty (0.14.0)
      multi_xml (>= 0.5.2)
    method_source (0.8.2)
    multi_xml (0.6.0)
    pry (0.10.4)
      coderay (~> 1.1.0)
      method_source (~> 0.8.1)
      slop (~> 3.4)
    rake (10.5.0)
    rspec (3.7.0)
      rspec-core (~> 3.7.0)
      rspec-expectations (~> 3.7.0)
      rspec-mocks (~> 3.7.0)
    rspec-core (3.7.0)
      rspec-support (~> 3.7.0)
    rspec-expectations (3.7.0)
      diff-lcs (>= 1.2.0, < 2.0)
      rspec-support (~> 3.7.0)
    rspec-mocks (3.7.0)
      diff-lcs (>= 1.2.0, < 2.0)
      rspec-support (~> 3.7.0)
    rspec-support (3.7.0)
    safe_yaml (1.0.4)
    slop (3.6.0)

PLATFORMS
  x86-mingw32

DEPENDENCIES
  bundler (~> 1.14)
  eng-bsd-big-ted-newshub-moscollector-automation-api!
  rake (~> 10.0)
  rspec (~> 3.0)

BUNDLED WITH
   1.14.6
